PATH
  remote: .
  specs:
    cachedis (0.1.0)
      redis

GEM
  remote: http://rubygems.org/
  specs:
    metaclass (0.0.1)
    mocha (0.14.0)
      metaclass (~> 0.0.1)
    redis (3.0.4)

PLATFORMS
  ruby

DEPENDENCIES
  cachedis!
  mocha
